GEM
  remote: http://rubygems.org/
  specs:
    actionmailer (2.3.10)
      actionpack (= 2.3.10)
    actionpack (2.3.10)
      activesupport (= 2.3.10)
      rack (~> 1.1.0)
    activerecord (2.3.10)
      activesupport (= 2.3.10)
    activeresource (2.3.10)
      activesupport (= 2.3.10)
    activesupport (2.3.10)
    babosa (0.2.0)
    clearance (0.8.3)
    formtastic (1.1.0)
      actionpack (>= 2.3.0)
      activesupport (>= 2.3.0)
      i18n (>= 0.4.0)
    friendly_id (3.1.7)
      babosa (~> 0.2.0)
    has_scope (0.5.0)
    i18n (0.4.2)
    inherited_resources (1.0.6)
      has_scope (~> 0.5.0)
      responders (~> 0.4.6)
    pg (0.9.0)
    rack (1.1.0)
    rails (2.3.10)
      actionmailer (= 2.3.10)
      actionpack (= 2.3.10)
      activerecord (= 2.3.10)
      activeresource (= 2.3.10)
      activesupport (= 2.3.10)
      rake (>= 0.8.3)
    rake (0.8.7)
    responders (0.4.7)
    searchlogic (2.4.27)
      activerecord (>= 2.0.0)
    sqlite3-ruby (1.3.1)
    title_estuary (1.2.0)
    will_paginate (2.3.15)

PLATFORMS
  ruby

DEPENDENCIES
  bundler
  clearance (= 0.8.3)
  formtastic
  friendly_id
  inherited_resources (= 1.0.6)
  pg
  rails (= 2.3.10)
  searchlogic
  sqlite3-ruby
  title_estuary
  will_paginate
